GEM
  remote: http://rubygems.org/
  specs:
    rdf (1.1.4)

PLATFORMS
  ruby

DEPENDENCIES
  rdf
